PATH
  remote: .
  specs:
    roman (0.1.0)
      thor (~> 0.20.0)

GEM
  remote: https://rubygems.org/
  specs:
    diff-lcs (1.4.4)
    rake (12.3.3)
    rspec (3.10.0)
      rspec-core (~> 3.10.0)
      rspec-expectations (~> 3.10.0)
      rspec-mocks (~> 3.10.0)
    rspec-core (3.10.0)
      rspec-support (~> 3.10.0)
    rspec-expectations (3.10.0)
      diff-lcs (>= 1.2.0, < 2.0)
      rspec-support (~> 3.10.0)
    rspec-mocks (3.10.0)
      diff-lcs (>= 1.2.0, < 2.0)
      rspec-support (~> 3.10.0)
    rspec-support (3.10.0)
    thor (0.20.3)
    yard (0.9.25)

PLATFORMS
  ruby

DEPENDENCIES
  rake (~> 12.0)
  roman!
  rspec (~> 3.6)
  yard (~> 0.9)

BUNDLED WITH
   2.1.4
